PATH
  remote: .
  specs:
    action_heroz_alfred (0.6.2)

GEM
  remote: https://rubygems.org/
  specs:
    minitest (5.20.0)
    rake (13.1.0)

PLATFORMS
  x86_64-linux

DEPENDENCIES
  action_heroz_alfred!
  minitest (~> 5.0)
  rake (~> 13.0)

BUNDLED WITH
   2.3.26
